GEM
  remote: http://rubygems.org/
  remote: https://gems.gemfury.com/***REMOVED***/
  specs:
    actionmailer (3.2.12)
      actionpack (= 3.2.12)
      mail (~> 2.4.4)
    actionpack (3.2.12)
      activemodel (= 3.2.12)
      activesupport (= 3.2.12)
      builder (~> 3.0.0)
      erubis (~> 2.7.0)
      journey (~> 1.0.4)
      rack (~> 1.4.5)
      rack-cache (~> 1.2)
      rack-test (~> 0.6.1)
      sprockets (~> 2.2.1)
    activemodel (3.2.12)
      activesupport (= 3.2.12)
      builder (~> 3.0.0)
    activerecord (3.2.12)
      activemodel (= 3.2.12)
      activesupport (= 3.2.12)
      arel (~> 3.0.2)
      tzinfo (~> 0.3.29)
    activeresource (3.2.12)
      activemodel (= 3.2.12)
      activesupport (= 3.2.12)
    activesupport (3.2.12)
      i18n (~> 0.6)
      multi_json (~> 1.0)
    arel (3.0.2)
    bootstrap-sass (2.1.0.1)
    builder (3.0.4)
    coderay (1.0.9)
    coffee-rails (3.2.2)
      coffee-script (>= 2.2.0)
      railties (~> 3.2.0)
    coffee-script (2.2.0)
      coffee-script-source
      execjs
    coffee-script-source (1.6.1)
    columnize (0.3.6)
    daemons (1.1.9)
    debugger (1.2.4)
      columnize (>= 0.3.1)
      debugger-linecache (~> 1.1.1)
      debugger-ruby_core_source (~> 1.1.7)
    debugger-linecache (1.1.2)
      debugger-ruby_core_source (>= 1.1.1)
    debugger-ruby_core_source (1.1.9)
    diff-lcs (1.1.3)
    erubis (2.7.0)
    eventmachine (1.0.1)
    excon (0.16.10)
    execjs (1.4.0)
      multi_json (~> 1.0)
    fabrication (2.5.4)
    faker (1.1.2)
      i18n (~> 0.5)
    foreman (0.60.2)
      thor (>= 0.13.6)
    g5_hentry_consumer (0.5.5)
      hentry_consumer (~> 0.8.1)
    g5_sibling_deployer_engine (0.1.1)
      g5_hentry_consumer (~> 0.5.0)
      github_heroku_deployer (~> 0.2.0)
      heroku_resque_autoscaler (~> 0.1.0)
      rails (~> 3.2.7)
      state_machine (~> 1.1.2)
      table_cloth (~> 0.2.1)
    git (1.2.5)
    git-ssh-wrapper (0.1.0)
    github_heroku_deployer (0.2.1)
      git (~> 1.2.5)
      git-ssh-wrapper (~> 0.1.0)
      heroku-api (~> 0.3.5)
    guard (1.6.2)
      listen (>= 0.6.0)
      lumberjack (>= 1.0.2)
      pry (>= 0.9.10)
      terminal-table (>= 1.4.3)
      thor (>= 0.14.6)
    guard-rspec (2.1.2)
      guard (>= 1.1)
      rspec (~> 2.11)
    hentry_consumer (0.8.1)
      json
      nokogiri
    heroku-api (0.3.8)
      excon (~> 0.16.10)
    heroku_resque_autoscaler (0.1.1)
      heroku-api (~> 0.3.5)
      resque (~> 1.23.0)
    hike (1.2.1)
    i18n (0.6.2)
    i18n (0.6.4)
    journey (1.0.4)
    jquery-rails (2.2.1)
      railties (>= 3.0, < 5.0)
      thor (>= 0.14, < 2.0)
    json (1.7.7)
    listen (0.7.2)
    listen (0.7.3)
    lumberjack (1.0.2)
    mail (2.4.4)
      i18n (>= 0.4.0)
      mime-types (~> 1.16)
      treetop (~> 1.4.8)
    method_source (0.8.1)
    mime-types (1.21)
    multi_json (1.6.1)
    nokogiri (1.5.6)
    pg (0.14.1)
    polyglot (0.3.3)
    pry (0.9.12)
      coderay (~> 1.0.5)
      method_source (~> 0.8)
      slop (~> 3.4)
    quiet_assets (1.0.1)
      railties (~> 3.1)
    quiet_assets (1.0.2)
      railties (>= 3.1, < 5.0)
      slop (~> 3.3.1)
    rack (1.4.5)
    rack-cache (1.2)
      rack (>= 0.4)
    rack-protection (1.4.0)
      rack
    rack-ssl (1.3.3)
      rack
    rack-test (0.6.2)
      rack (>= 1.0)
    rails (3.2.12)
      actionmailer (= 3.2.12)
      actionpack (= 3.2.12)
      activerecord (= 3.2.12)
      activeresource (= 3.2.12)
      activesupport (= 3.2.12)
      bundler (~> 1.0)
      railties (= 3.2.12)
    rails-default-database (1.0.6)
      railties
    railties (3.2.12)
      actionpack (= 3.2.12)
      activesupport (= 3.2.12)
      rack-ssl (~> 1.3.2)
      rake (>= 0.8.7)
      rdoc (~> 3.4)
      thor (>= 0.14.6, < 2.0)
    rake (10.0.3)
    rb-fsevent (0.9.3)
    rdoc (3.12.2)
      json (~> 1.4)
    redis (3.0.3)
    redis-namespace (1.2.1)
      redis (~> 3.0.0)
    resque (1.23.0)
      multi_json (~> 1.0)
      redis-namespace (~> 1.0)
      sinatra (>= 0.9.2)
      vegas (~> 0.1.2)
    rspec (2.11.0)
      rspec-core (~> 2.11.0)
      rspec-expectations (~> 2.11.0)
      rspec-mocks (~> 2.11.0)
    rspec-core (2.11.1)
    rspec-expectations (2.11.3)
      diff-lcs (~> 1.1.3)
    rspec-mocks (2.11.3)
    rspec-rails (2.11.4)
      actionpack (>= 3.0)
      activesupport (>= 3.0)
      railties (>= 3.0)
      rspec (~> 2.11.0)
    sass (3.2.6)
    sass-rails (3.2.6)
      railties (~> 3.2.0)
      sass (>= 3.1.10)
      tilt (~> 1.3)
    simplecov (0.7.1)
      multi_json (~> 1.0)
      simplecov-html (~> 0.7.1)
    simplecov-html (0.7.1)
    sinatra (1.3.5)
      rack (~> 1.4)
      rack-protection (~> 1.3)
      tilt (~> 1.3, >= 1.3.3)
    slop (3.4.3)
    spork (0.9.2)
    sprockets (2.2.2)
      hike (~> 1.2)
      multi_json (~> 1.0)
      rack (~> 1.0)
      tilt (~> 1.1, != 1.3.0)
    sqlite3 (1.3.7)
    state_machine (1.1.2)
    table_cloth (0.2.3)
      actionpack (~> 3.2)
    terminal-table (1.4.5)
    thin (1.5.0)
      daemons (>= 1.0.9)
      eventmachine (>= 0.12.6)
      rack (>= 1.0.0)
    thor (0.17.0)
    tilt (1.3.3)
    tilt (1.3.4)
    treetop (1.4.12)
      polyglot
      polyglot (>= 0.3.1)
    tzinfo (0.3.36)
    uglifier (1.3.0)
      execjs (>= 0.3.0)
      multi_json (~> 1.0, >= 1.0.2)
    vegas (0.1.11)
      rack (>= 1.0.0)

PLATFORMS
  ruby

DEPENDENCIES
  bootstrap-sass (~> 2.1.0.1)
  coffee-rails (~> 3.2.1)
  debugger (~> 1.2.1)
  fabrication (~> 2.5.0)
  faker (~> 1.1.2)
  foreman (~> 0.60.2)
  g5_hentry_consumer (~> 0.5.0)
  g5_sibling_deployer_engine (~> 0.1.1)
  github_heroku_deployer (~> 0.2.1)
  guard-rspec (~> 2.1.0)
  heroku_resque_autoscaler (~> 0.1.0)
  jquery-rails
  pg
  quiet_assets (~> 1.0.1)
  rails (= 3.2.12)
  rails-default-database (~> 1.0.6)
  rb-fsevent (~> 0.9.2)
  rspec-rails (~> 2.11.4)
  sass-rails (~> 3.2.3)
  simplecov (~> 0.7.1)
  spork
  sqlite3
  thin (~> 1.5.0)
  uglifier (>= 1.0.3)
